GEM
  remote: https://rubygems.org/
  specs:
    awesome_print (1.8.0)
    byebug (10.0.2)
    coderay (1.1.2)
    diff-lcs (1.3)
    method_source (0.9.0)
    mustermann (1.0.2)
    ox (2.9.2)
    pry (0.11.3)
      coderay (~> 1.1.0)
      method_source (~> 0.9.0)
    pry-byebug (3.6.0)
      byebug (~> 10.0)
      pry (~> 0.10)
    rack (2.0.5)
    rack-protection (2.0.1)
      rack
    rack-test (1.0.0)
      rack (>= 1.0, < 3)
    rspec (3.7.0)
      rspec-core (~> 3.7.0)
      rspec-expectations (~> 3.7.0)
      rspec-mocks (~> 3.7.0)
    rspec-core (3.7.1)
      rspec-support (~> 3.7.0)
    rspec-expectations (3.7.0)
      diff-lcs (>= 1.2.0, < 2.0)
      rspec-support (~> 3.7.0)
    rspec-mocks (3.7.0)
      diff-lcs (>= 1.2.0, < 2.0)
      rspec-support (~> 3.7.0)
    rspec-support (3.7.1)
    sequel (5.8.0)
    sinatra (2.0.1)
      mustermann (~> 1.0)
      rack (~> 2.0)
      rack-protection (= 2.0.1)
      tilt (~> 2.0)
    sqlite3 (1.3.13)
    tilt (2.0.8)

PLATFORMS
  ruby

DEPENDENCIES
  awesome_print
  coderay (~> 1.1, >= 1.1.2)
  ox (~> 2.9, >= 2.9.2)
  pry (~> 0.11.3)
  pry-byebug (~> 3.6)
  rack-test (~> 1.0)
  rspec (~> 3.7)
  sequel (~> 5.8)
  sinatra (~> 2.0, >= 2.0.1)
  sqlite3 (~> 1.3, >= 1.3.13)

BUNDLED WITH
   1.16.2
